GIT
  remote: git://github.com/mysociety/rails.git
  revision: be86a2fd6264637a22e1a1aeb8a8ec979f53ec1e
  tag: v2.3.16.1
  specs:
    actionmailer (2.3.16)
      actionpack (= 2.3.16)
    actionpack (2.3.16)
      activesupport (= 2.3.16)
      rack (~> 1.1.0)
    activerecord (2.3.16)
      activesupport (= 2.3.16)
    activeresource (2.3.16)
      activesupport (= 2.3.16)
    activesupport (2.3.16)
    rails (2.3.16)
      actionmailer (= 2.3.16)
      actionpack (= 2.3.16)
      activerecord (= 2.3.16)
      activeresource (= 2.3.16)
      activesupport (= 2.3.16)
      rake (>= 0.8.3)

GEM
  remote: http://rubygems.org/
  specs:
    GeoRuby (1.3.4)
    abstract (1.0.0)
    activerecord-diff (0.0.2)
      activerecord
      activesupport
    authlogic (2.1.6)
      activesupport
    babosa (0.2.2)
    bcrypt-ruby (2.1.4)
    cocaine (0.3.2)
    erubis (2.6.6)
      abstract (>= 1.0.0)
    fastercsv (1.5.3)
    fattr (2.2.1)
    foreigner (0.9.1)
    friendly_id (3.1.7)
      babosa (~> 0.2.0)
    json (1.5.4)
    mime-types (1.19)
    nokogiri (1.4.6)
    paper_trail (1.5.1)
    paperclip (2.7.5)
      activerecord (>= 2.3.0)
      activesupport (>= 2.3.2)
      cocaine (~> 0.3.0)
      mime-types
    pg (0.14.1)
    rack (1.1.5)
    rails_xss (0.3.2)
    rake (10.0.3)
    rspec (1.3.1)
    rspec-rails (1.3.3)
      rack (>= 1.0.0)
      rspec (= 1.3.1)
    ruby-msg (1.5.0)
      ruby-ole (>= 1.2.8)
      vpim (>= 0.360)
    ruby-ole (1.2.10.1)
    session (3.1.0)
      fattr
    text (0.2.0)
    vpim (0.695)
    will_paginate (2.3.15)
    zip (2.0.2)

PLATFORMS
  ruby

DEPENDENCIES
  GeoRuby (= 1.3.4)
  activerecord-diff (= 0.0.2)
  authlogic (= 2.1.6)
  bcrypt-ruby (= 2.1.4)
  erubis (= 2.6.6)
  fastercsv (= 1.5.3)
  foreigner (= 0.9.1)
  friendly_id (= 3.1.7)
  json (= 1.5.4)
  nokogiri (= 1.4.6)
  paper_trail (= 1.5.1)
  paperclip (~> 2.7.0)
  pg
  rack (= 1.1.5)
  rails!
  rails_xss (= 0.3.2)
  rspec (= 1.3.1)
  rspec-rails (= 1.3.3)
  ruby-msg (= 1.5)
  ruby-ole (= 1.2.10.1)
  session (= 3.1.0)
  text (= 0.2.0)
  vpim (= 0.695)
  will_paginate (= 2.3.15)
  zip (= 2.0.2)
